PATH
  remote: .
  specs:
    transonerate (0.1)
      bindeps (~> 0.1, >= 0.1.0)
      threach (~> 0.2, >= 0.2.0)
      trollop (~> 2.0)

GEM
  remote: https://rubygems.org/
  specs:
    ansi (1.4.3)
    bindeps (0.1.0)
      which (~> 0.0, >= 0.0.2)
      which_works
    coveralls (0.7.1)
      multi_json (~> 1.3)
      rest-client
      simplecov (>= 0.7)
      term-ansicolor
      thor
    docile (1.1.5)
    facade (1.0.5)
    mime-types (2.3)
    minitest (4.7.5)
    multi_json (1.10.1)
    netrc (0.7.7)
    pathname2 (1.7.3)
      facade
    rake (10.3.2)
    rest-client (1.7.2)
      mime-types (>= 1.16, < 3.0)
      netrc (~> 0.7)
    shoulda-context (1.2.1)
    simplecov (0.9.0)
      docile (~> 1.1.0)
      multi_json
      simplecov-html (~> 0.8.0)
    simplecov-html (0.8.0)
    term-ansicolor (1.3.0)
      tins (~> 1.0)
    thor (0.19.1)
    threach (0.2.0)
    tins (1.3.2)
    trollop (2.0)
    turn (0.9.7)
      ansi
      minitest (~> 4)
    which (0.0.2)
      pathname2 (>= 1.4.4)
    which_works (1.0.2)

PLATFORMS
  ruby

DEPENDENCIES
  coveralls (~> 0.7)
  minitest (~> 4, >= 4.7.5)
  rake (~> 10.3, >= 10.3.2)
  shoulda-context (~> 1.2, >= 1.2.1)
  simplecov (~> 0.8, >= 0.8.2)
  transonerate!
  turn (~> 0.9, >= 0.9.7)
